GEM
  remote: https://rubygems.org/
  specs:
    activesupport (5.1.4)
      concurrent-ruby (~> 1.0, >= 1.0.2)
      i18n (~> 0.7)
      minitest (~> 5.1)
      tzinfo (~> 1.1)
    byebug (9.1.0)
    coderay (1.1.2)
    concurrent-ruby (1.0.5)
    dotenv (2.2.1)
    i18n (0.9.0)
      concurrent-ruby (~> 1.0)
    mem (0.1.5)
    method_source (0.9.0)
    minitest (5.10.3)
    pry (0.11.2)
      coderay (~> 1.1.0)
      method_source (~> 0.9.0)
    pry-byebug (3.5.0)
      byebug (~> 9.1)
      pry (~> 0.10)
    rake (12.1.0)
    ruboty (1.3.0)
      activesupport
      bundler
      dotenv
      mem
      slop
    slop (4.6.0)
    thread_safe (0.3.6)
    tzinfo (1.2.4)
      thread_safe (~> 0.1)

PLATFORMS
  ruby

DEPENDENCIES
  pry-byebug
  rake
  ruboty

BUNDLED WITH
   1.15.4
